GEM
  remote: https://rubygems.org/
  specs:
    coderay (1.1.2)
    httpclient (2.8.3)
    method_source (0.9.0)
    minitest (5.11.3)
    pry (0.11.3)
      coderay (~> 1.1.0)
      method_source (~> 0.9.0)
    rake (12.3.1)

PLATFORMS
  ruby

DEPENDENCIES
  httpclient
  minitest
  pry
  rake

BUNDLED WITH
   1.16.1
